GEM
  remote: https://rubygems.org/
  specs:
    actionmailer (4.2.0)
      actionpack (= 4.2.0)
      actionview (= 4.2.0)
      activejob (= 4.2.0)
      mail (~> 2.5, >= 2.5.4)
      rails-dom-testing (~> 1.0, >= 1.0.5)
    actionpack (4.2.0)
      actionview (= 4.2.0)
      activesupport (= 4.2.0)
      rack (~> 1.6.0)
      rack-test (~> 0.6.2)
      rails-dom-testing (~> 1.0, >= 1.0.5)
      rails-html-sanitizer (~> 1.0, >= 1.0.1)
    actionview (4.2.0)
      activesupport (= 4.2.0)
      builder (~> 3.1)
      erubis (~> 2.7.0)
      rails-dom-testing (~> 1.0, >= 1.0.5)
      rails-html-sanitizer (~> 1.0, >= 1.0.1)
    active_model_serializers (0.9.3)
      activemodel (>= 3.2)
    activejob (4.2.0)
      activesupport (= 4.2.0)
      globalid (>= 0.3.0)
    activemodel (4.2.0)
      activesupport (= 4.2.0)
      builder (~> 3.1)
    activerecord (4.2.0)
      activemodel (= 4.2.0)
      activesupport (= 4.2.0)
      arel (~> 6.0)
    activesupport (4.2.0)
      i18n (~> 0.7)
      json (~> 1.7, >= 1.7.7)
      minitest (~> 5.1)
      thread_safe (~> 0.3, >= 0.3.4)
      tzinfo (~> 1.1)
    annotate (2.6.10)
      activerecord (>= 3.2, <= 4.3)
      rake (~> 10.4)
    arel (6.0.0)
    awesome_print (1.6.1)
    bcrypt (3.1.10)
    binding_of_caller (0.7.2)
      debug_inspector (>= 0.0.1)
    builder (3.2.2)
    bullet (4.14.7)
      activesupport (>= 3.0.0)
      uniform_notifier (~> 1.9.0)
    byebug (4.0.5)
      columnize (= 0.9.0)
    chronic (0.10.2)
    chunky_png (1.3.4)
    columnize (0.9.0)
    database_cleaner (1.4.1)
    debug_inspector (0.0.2)
    devise (3.5.1)
      bcrypt (~> 3.0)
      orm_adapter (~> 0.1)
      railties (>= 3.2.6, < 5)
      responders
      thread_safe (~> 0.1)
      warden (~> 1.2.3)
    diff-lcs (1.2.5)
    docile (1.1.5)
    dotenv (2.0.2)
    dotenv-rails (2.0.2)
      dotenv (= 2.0.2)
      railties (~> 4.0)
    erubis (2.7.0)
    factory_girl (4.5.0)
      activesupport (>= 3.0.0)
    factory_girl_rails (4.5.0)
      factory_girl (~> 4.5.0)
      railties (>= 3.0.0)
    fancy_irb (1.0.0)
      paint (>= 0.9, < 2.0)
      unicode-display_width (>= 0.2.0)
    ffaker (2.0.0)
    gcm (0.1.0)
      httparty
      json
    globalid (0.3.5)
      activesupport (>= 4.1.0)
    hashie (3.4.2)
    hirb (0.7.3)
    httparty (0.13.5)
      json (~> 1.8)
      multi_xml (>= 0.5.2)
    i18n (0.7.0)
    json (1.8.3)
    jwt-rb (0.0.2)
      hashie
    lograge (0.3.3)
      actionpack (>= 3)
      activesupport (>= 3)
      railties (>= 3)
    logstash-event (1.2.02)
    loofah (2.0.2)
      nokogiri (>= 1.5.9)
    mail (2.6.3)
      mime-types (>= 1.16, < 3)
    mime-types (2.6.1)
    mini_portile (0.6.2)
    minitest (5.7.0)
    multi_xml (0.5.5)
    nokogiri (1.6.6.2)
      mini_portile (~> 0.6.0)
    orm_adapter (0.5.0)
    paint (1.0.0)
    parallel (1.6.1)
    parallel_tests (1.6.1)
      parallel
    pg (0.18.2)
    pg_array_parser (0.0.9)
    postgres_ext (2.4.1)
      activerecord (>= 4.0.0)
      arel (>= 4.0.1)
      pg_array_parser (~> 0.0.9)
    puma (2.11.3)
      rack (>= 1.1, < 2.0)
    rack (1.6.4)
    rack-cors (0.4.0)
    rack-test (0.6.3)
      rack (>= 1.0)
    rack-timeout (0.2.4)
    rails (4.2.0)
      actionmailer (= 4.2.0)
      actionpack (= 4.2.0)
      actionview (= 4.2.0)
      activejob (= 4.2.0)
      activemodel (= 4.2.0)
      activerecord (= 4.2.0)
      activesupport (= 4.2.0)
      bundler (>= 1.3.0, < 2.0)
      railties (= 4.2.0)
      sprockets-rails
    rails-deprecated_sanitizer (1.0.3)
      activesupport (>= 4.2.0.alpha)
    rails-dom-testing (1.0.6)
      activesupport (>= 4.2.0.beta, < 5.0)
      nokogiri (~> 1.6.0)
      rails-deprecated_sanitizer (>= 1.0.1)
    rails-html-sanitizer (1.0.2)
      loofah (~> 2.0)
    railties (4.2.0)
      actionpack (= 4.2.0)
      activesupport (= 4.2.0)
      rake (>= 0.8.7)
      thor (>= 0.18.1, < 2.0)
    rake (10.4.2)
    rdoc (4.2.0)
    responders (2.1.0)
      railties (>= 4.2.0, < 5)
    rqrcode (0.6.0)
      chunky_png
    rspec-core (3.2.3)
      rspec-support (~> 3.2.0)
    rspec-expectations (3.2.1)
      diff-lcs (>= 1.2.0, < 2.0)
      rspec-support (~> 3.2.0)
    rspec-mocks (3.2.1)
      diff-lcs (>= 1.2.0, < 2.0)
      rspec-support (~> 3.2.0)
    rspec-rails (3.2.3)
      actionpack (>= 3.0, < 4.3)
      activesupport (>= 3.0, < 4.3)
      railties (>= 3.0, < 4.3)
      rspec-core (~> 3.2.0)
      rspec-expectations (~> 3.2.0)
      rspec-mocks (~> 3.2.0)
      rspec-support (~> 3.2.0)
    rspec-support (3.2.2)
    sdoc (0.4.1)
      json (~> 1.7, >= 1.7.7)
      rdoc (~> 4.0)
    shoulda-matchers (2.8.0)
      activesupport (>= 3.0.0)
    simplecov (0.10.0)
      docile (~> 1.1.0)
      json (~> 1.8)
      simplecov-html (~> 0.10.0)
    simplecov-html (0.10.0)
    spring (1.3.6)
    sprockets (3.2.0)
      rack (~> 1.0)
    sprockets-rails (2.3.2)
      actionpack (>= 3.0)
      activesupport (>= 3.0)
      sprockets (>= 2.8, < 4.0)
    thor (0.19.1)
    thread_safe (0.3.5)
    tzinfo (1.2.2)
      thread_safe (~> 0.1)
    unicode-display_width (0.2.0)
    uniform_notifier (1.9.0)
    warden (1.2.3)
      rack (>= 1.0)
    web-console (2.1.3)
      activemodel (>= 4.0)
      binding_of_caller (>= 0.7.2)
      railties (>= 4.0)
      sprockets-rails (>= 2.0, < 4.0)
    whenever (0.9.4)
      chronic (>= 0.6.3)

PLATFORMS
  ruby

DEPENDENCIES
  active_model_serializers (~> 0.9.0)
  annotate (~> 2.6.10)
  awesome_print
  bullet
  byebug (~> 4.0.0)
  database_cleaner (~> 1.4.1)
  devise (~> 3.5.1)
  dotenv-rails
  factory_girl_rails (~> 4.5.0)
  fancy_irb (~> 1.0.0)
  ffaker (~> 2.0.0)
  gcm (~> 0.1.0)
  hirb
  jwt-rb (~> 0.0.2)
  lograge (~> 0.3.3)
  logstash-event (~> 1.2.0)
  parallel_tests
  pg (~> 0.18.2)
  postgres_ext (~> 2.4.1)
  puma (~> 2.11.0)
  rack-cors (~> 0.4.0)
  rack-timeout (~> 0.2.0)
  rails (= 4.2.0)
  rqrcode (~> 0.6.0)
  rspec-rails (~> 3.2.0)
  sdoc (~> 0.4.0)
  shoulda-matchers (~> 2.8.0)
  simplecov
  spring (~> 1.3.0)
  web-console (~> 2.0)
  whenever

BUNDLED WITH
   1.10.5
